GEM
  remote: https://rubygems.org/
  specs:
    daemons (1.1.9)
    json (2.0.2)
    newrelic_plugin (1.3.1)
      json
    power_assert (0.3.0)
    rake (11.2.2)
    test-unit (3.2.1)
      power_assert

PLATFORMS
  ruby

DEPENDENCIES
  daemons (~> 1.1.0)
  newrelic_plugin
  rake
  test-unit

BUNDLED WITH
   1.11.2
