GEM
  remote: https://rubygems.org/
  specs:
    daemons (1.2.3)
    json (1.8.3)
    newrelic_plugin (1.3.1)
      json
    power_assert (0.2.7)
    rake (11.1.1)
    test-unit (3.1.7)
      power_assert

PLATFORMS
  ruby

DEPENDENCIES
  daemons
  newrelic_plugin
  rake
  test-unit

BUNDLED WITH
   1.11.2
