GEM
  remote: https://rubygems.org/
  specs:
    daemons (1.1.9)
    faraday (0.8.8)
      multipart-post (~> 1.2.0)
    json (1.8.2)
    multipart-post (1.2.0)
    newrelic_plugin (1.0.3)
      faraday (>= 0.8.1)
      json
    rake (10.1.0)
    test-unit (2.5.5)

PLATFORMS
  ruby

DEPENDENCIES
  daemons
  newrelic_plugin
  rake
  test-unit
