GEM
  remote: https://rubygems.org/
  specs:
    daemons (1.1.9)
    json (2.0.2)
    newrelic_plugin (1.3.1)
      json
    rake (10.1.0)
    test-unit (2.5.5)

PLATFORMS
  ruby

DEPENDENCIES
  daemons
  newrelic_plugin
  rake
  test-unit
